GEM
  remote: http://rubygems.org/
  specs:
    json (1.6.6)
    maruku (0.6.0)
      syntax (>= 1.0.0)
    mysql (2.8.1)
    rack (1.4.1)
    rack-protection (1.2.0)
      rack
    sequel (3.33.0)
    sinatra (1.3.2)
      rack (~> 1.3, >= 1.3.6)
      rack-protection (~> 1.2)
      tilt (~> 1.3, >= 1.3.3)
    sqlite3 (1.3.6)
    syntax (1.0.0)
    tilt (1.3.3)

PLATFORMS
  ruby

DEPENDENCIES
  json (= 1.6.6)
  maruku (= 0.6.0)
  mysql (~> 2.8.1)
  sequel (~> 3.33.0)
  sinatra
  sqlite3 (~> 1.3.6)
