GEM
  remote: http://rubygems.org/
  specs:
    descriptive-statistics (1.3.6)
    erubis (2.7.0)
    json (1.6.6)
    maruku (0.6.0)
      syntax (>= 1.0.0)
    minitest (3.1.0)
    mysql (2.8.1)
    rack (1.4.1)
    rack-protection (1.2.0)
      rack
    rack-test (0.6.1)
      rack (>= 1.0)
    rake (0.9.2.2)
    rr (1.0.4)
    sequel (3.33.0)
    sinatra (1.3.2)
      rack (~> 1.3, >= 1.3.6)
      rack-protection (~> 1.2)
      tilt (~> 1.3, >= 1.3.3)
    sinatra-partial (0.3.1)
      sinatra
    sqlite3 (1.3.6)
    syntax (1.0.0)
    tilt (1.3.3)

PLATFORMS
  ruby

DEPENDENCIES
  descriptive-statistics (~> 1.3.6)
  erubis (~> 2.7.0)
  json (= 1.6.6)
  maruku (= 0.6.0)
  minitest
  mysql (~> 2.8.1)
  rack-test
  rake
  rr
  sequel (~> 3.33.0)
  sinatra
  sinatra-partial (~> 0.3.1)
  sqlite3 (~> 1.3.6)
