PATH
  remote: .
  specs:
    deploy_monitor (0.0.2)
      highline
      json
      rest-client

GEM
  remote: http://gems.local.twitter.com/
  specs:
    highline (1.6.15)
    json (1.7.5)
    mime-types (1.19)
    rake (0.9.2.2)
    rest-client (1.6.7)
      mime-types (>= 1.16)

PLATFORMS
  ruby

DEPENDENCIES
  deploy_monitor!
  rake
